GEM
  remote: https://rubygems.org/
  specs:
    retryable (3.0.0)

PLATFORMS
  ruby

DEPENDENCIES
  retryable

BUNDLED WITH
   1.16.1
